PATH
  remote: .
  specs:
    rubycas-server (1.1.2)
      activerecord (>= 2.3.12, < 3.1)
      activesupport (>= 2.3.12, < 3.1)
      crypt-isaac (~> 0.9.1)
      rack (~> 1.5.0)
      rack-protection (~> 1.5.0)
      sinatra (~> 1.0)
      sinatra-r18n (~> 1.1.0)

GEM
  remote: https://rubygems.org/
  specs:
    activemodel (3.0.20)
      activesupport (= 3.0.20)
      builder (~> 2.1.2)
      i18n (~> 0.5.0)
    activerecord (3.0.20)
      activemodel (= 3.0.20)
      activesupport (= 3.0.20)
      arel (~> 2.0.10)
      tzinfo (~> 0.3.23)
    activerecord-mysql2-adapter (0.0.3)
      mysql2
    activeresource (3.0.20)
      activemodel (= 3.0.20)
      activesupport (= 3.0.20)
    activesupport (3.0.20)
    arel (2.0.10)
    bcrypt (3.1.9)
    builder (2.1.2)
    capybara (1.1.2)
      mime-types (>= 1.16)
      nokogiri (>= 1.3.3)
      rack (>= 1.0.0)
      rack-test (>= 0.5.4)
      selenium-webdriver (~> 2.0)
      xpath (~> 0.1.4)
    childprocess (0.5.5)
      ffi (~> 1.0, >= 1.0.11)
    crypt-isaac (0.9.1)
    diff-lcs (1.2.5)
    ffi (1.9.6)
    i18n (0.5.4)
    mime-types (2.4.3)
    mini_portile (0.6.2)
    multi_json (1.10.1)
    mysql2 (0.3.20)
    net-ldap (0.1.1)
    nokogiri (1.6.6.2)
      mini_portile (~> 0.6.0)
    pg (0.18.0)
    r18n-core (1.1.11)
    rack (1.5.2)
    rack-protection (1.5.3)
      rack
    rack-test (0.6.2)
      rack (>= 1.0)
    rake (0.8.7)
    rspec (3.1.0)
      rspec-core (~> 3.1.0)
      rspec-expectations (~> 3.1.0)
      rspec-mocks (~> 3.1.0)
    rspec-core (3.1.7)
      rspec-support (~> 3.1.0)
    rspec-expectations (3.1.2)
      diff-lcs (>= 1.2.0, < 2.0)
      rspec-support (~> 3.1.0)
    rspec-mocks (3.1.3)
      rspec-support (~> 3.1.0)
    rspec-support (3.1.2)
    rubyzip (1.1.6)
    selenium-webdriver (2.44.0)
      childprocess (~> 0.5)
      multi_json (~> 1.0)
      rubyzip (~> 1.0)
      websocket (~> 1.0)
    sinatra (1.4.5)
      rack (~> 1.4)
      rack-protection (~> 1.4)
      tilt (~> 1.3, >= 1.3.4)
    sinatra-r18n (1.1.11)
      r18n-core (= 1.1.11)
      sinatra (>= 1.3)
    sqlite3 (1.3.10)
    tilt (1.4.1)
    tzinfo (0.3.42)
    websocket (1.2.1)
    xpath (0.1.4)
      nokogiri (~> 1.3)

PLATFORMS
  ruby

DEPENDENCIES
  activerecord-mysql2-adapter
  activeresource (>= 2.3.12, < 3.1)
  bcrypt
  capybara (= 1.1.2)
  mysql2 (= 0.3.20)
  net-ldap (~> 0.1.1)
  pg
  rack-test
  rake (= 0.8.7)
  rspec
  rspec-core
  rubycas-server!
  sqlite3 (~> 1.3.1)
